GEM
  remote: https://rubygems.org/
  specs:
    activesupport (6.1.1)
      concurrent-ruby (~> 1.0, >= 1.0.2)
      i18n (>= 1.6, < 2)
      minitest (>= 5.1)
      tzinfo (~> 2.0)
      zeitwerk (~> 2.3)
    builder (3.2.4)
    concurrent-ruby (1.1.8)
    crack (0.4.5)
      rexml
    i18n (1.8.8)
      concurrent-ruby (~> 1.0)
    mini_portile2 (2.8.0)
    minitest (5.14.3)
    nokogiri (1.13.4)
      mini_portile2 (~> 2.8.0)
      racc (~> 1.4)
    oauth (0.5.5)
    racc (1.6.0)
    rexml (3.2.4)
    simple_currency (1.3.1)
      crack (>= 0.1.8)
    tzinfo (2.0.4)
      concurrent-ruby (~> 1.0)
    xeroizer (2.20.0)
      activesupport
      builder (>= 2.1.2)
      i18n
      nokogiri
      oauth (>= 0.4.5)
      tzinfo
    zeitwerk (2.4.2)

PLATFORMS
  ruby

DEPENDENCIES
  simple_currency
  xeroizer

BUNDLED WITH
   2.2.14
