GEM
  remote: https://rubygems.org/
  specs:
    activesupport (7.0.4.1)
      concurrent-ruby (~> 1.0, >= 1.0.2)
      i18n (>= 1.6, < 2)
      minitest (>= 5.1)
      tzinfo (~> 2.0)
    builder (3.2.4)
    concurrent-ruby (1.1.10)
    crack (0.4.5)
      rexml
    i18n (1.12.0)
      concurrent-ruby (~> 1.0)
    mini_portile2 (2.5.0)
    minitest (5.17.0)
    nokogiri (1.11.1)
      mini_portile2 (~> 2.5.0)
      racc (~> 1.4)
    oauth (0.5.5)
    racc (1.5.2)
    rexml (3.2.4)
    simple_currency (1.3.1)
      crack (>= 0.1.8)
    tzinfo (2.0.5)
      concurrent-ruby (~> 1.0)
    xeroizer (2.20.0)
      activesupport
      builder (>= 2.1.2)
      i18n
      nokogiri
      oauth (>= 0.4.5)
      tzinfo

PLATFORMS
  ruby

DEPENDENCIES
  simple_currency
  xeroizer

BUNDLED WITH
   2.2.14
